IMPORT-TARGETS: FALSE
RESTRICTION: == net452
NUGET
  remote: https://api.nuget.org/v3/index.json
    Chiron (7.0.0-alpha-170410)
      FParsec (>= 1.0.2)
      FSharp.Core (>= 4.1)
    FParsec (1.0.3)
      FSharp.Core (>= 4.0.0.1)
    FSharp.Core (4.2.3)
  remote: http://api.nuget.org/v3/index.json
    Suave (1.1.3)
      FSharp.Core (>= 3.1.2.5)
